GEM
  remote: https://rubygems.org/
  specs:
    backports (3.13.0)
    coderay (1.1.2)
    dotenv (2.5.0)
    foreman (0.85.0)
      thor (~> 0.19.1)
    graphql (1.6.0)
    method_source (0.9.2)
    multi_json (1.13.1)
    mustermann (1.0.3)
    pg (1.1.4)
    pry (0.12.2)
      coderay (~> 1.1.0)
      method_source (~> 0.9.0)
    puma (3.12.0)
    rack (2.0.6)
    rack-protection (2.0.5)
      rack
    sequel (5.18.0)
    sequel_pg (1.12.0)
      pg (>= 0.18.0)
      sequel (>= 4.38.0)
    sinatra (2.0.5)
      mustermann (~> 1.0)
      rack (~> 2.0)
      rack-protection (= 2.0.5)
      tilt (~> 2.0)
    sinatra-contrib (2.0.5)
      backports (>= 2.8.2)
      multi_json
      mustermann (~> 1.0)
      rack-protection (= 2.0.5)
      sinatra (= 2.0.5)
      tilt (>= 1.3, < 3)
    thor (0.19.4)
    tilt (2.0.9)

PLATFORMS
  ruby

DEPENDENCIES
  dotenv (= 2.5.0)
  foreman (= 0.85.0)
  graphql (= 1.6.0)
  pry (= 0.12.2)
  puma (= 3.12.0)
  sequel (= 5.18.0)
  sequel_pg (= 1.12.0)
  sinatra (= 2.0.5)
  sinatra-contrib

BUNDLED WITH
   2.0.1
