GEM
  remote: https://rubygems.org/
  specs:
    coderay (1.1.2)
    dotenv (2.5.0)
    foreman (0.85.0)
      thor (~> 0.19.1)
    method_source (0.9.2)
    mustermann (1.0.3)
    pg (1.1.4)
    pry (0.12.2)
      coderay (~> 1.1.0)
      method_source (~> 0.9.0)
    puma (3.12.0)
    rack (2.0.6)
    rack-protection (2.0.5)
      rack
    sequel (4.38.0)
    sequel_pg (1.12.0)
      pg (>= 0.18.0)
      sequel (>= 4.38.0)
    sinatra (2.0.5)
      mustermann (~> 1.0)
      rack (~> 2.0)
      rack-protection (= 2.0.5)
      tilt (~> 2.0)
    thor (0.19.4)
    tilt (2.0.9)

PLATFORMS
  ruby

DEPENDENCIES
  dotenv (= 2.5.0)
  foreman (= 0.85.0)
  pg (= 1.1.4)
  pry (= 0.12.2)
  puma (= 3.12.0)
  sequel (= 4.38)
  sequel_pg (= 1.12.0)
  sinatra (= 2.0.5)

RUBY VERSION
   ruby 2.5.3p105

BUNDLED WITH
   1.17.3
